PATH
  remote: .
  specs:
    guidestar-ruby (1.0.0)
      nokogiri (~> 1.4.3.1)
      rest-client (~> 1.6.0)

GEM
  remote: http://rubygems.org/
  specs:
    mime-types (1.18)
    nokogiri (1.4.3.1)
    rest-client (1.6.7)
      mime-types (>= 1.16)

PLATFORMS
  ruby

DEPENDENCIES
  guidestar-ruby!
