PATH
  remote: .
  specs:
    guidestar-ruby (1.1.2)
      nokogiri (~> 1.5)
      rest-client (~> 1.6)

GEM
  remote: http://rubygems.org/
  specs:
    mime-types (1.19)
    nokogiri (1.5.6)
    rest-client (1.6.7)
      mime-types (>= 1.16)

PLATFORMS
  ruby

DEPENDENCIES
  guidestar-ruby!
